PATH
  remote: .
  specs:
    charlcd (0.0.1)

GEM
  remote: https://rubygems.org/
  specs:
    ffi (1.9.3)
    pi_piper (1.3.2)
      ffi

PLATFORMS
  ruby

DEPENDENCIES
  charlcd!
  pi_piper
